NUGET
  remote: https://www.nuget.org/api/v2
  specs:
    Akka (1.0.5)
      Newtonsoft.Json (>= 7.0.1)
    Akka.TestKit (1.0.5) - framework: >= net452
      Akka (>= 1.0.5)
    Akka.TestKit.Xunit2 (1.0.5) - framework: >= net452
      Akka.TestKit (>= 1.0.5)
      xunit (>= 2.0.0)
      xunit.abstractions (>= 2.0.0)
      xunit.assert (>= 2.0.0)
      xunit.core (>= 2.0.0)
      xunit.extensibility.core (>= 2.0.0)
    DBHelpers (1.1.0) - framework: >= net452
    FAKE (4.12.2)
    FSharp.Compiler.Service (1.4.2.3)
    FSharp.Formatting (2.13.0)
      FSharp.Compiler.Service (>= 1.4.2 < 1.5.0)
      FSharpVSPowerTools.Core (>= 2.2.0 < 2.3.0)
    FSharpVSPowerTools.Core (2.2.0)
      FSharp.Compiler.Service (>= 1.4.2.0)
    Microsoft.Bcl (1.1.10)
      Microsoft.Bcl.Build (>= 1.0.14)
    Microsoft.Bcl.Build (1.0.21) - import_targets: false
    Microsoft.Net.Http (2.2.29)
      Microsoft.Bcl (>= 1.1.10)
      Microsoft.Bcl.Build (>= 1.0.14)
    MySql.Data (6.9.8) - framework: >= net452
    Newtonsoft.Json (7.0.1)
    NSubstitute (1.9.2) - framework: >= net452
    Octokit (0.17.0)
      Microsoft.Net.Http
    SourceLink.Fake (1.1.0)
    xunit (2.1.0) - framework: >= net452
      xunit.assert (2.1.0)
      xunit.core (2.1.0)
    xunit.abstractions (2.0.0) - framework: >= net452
    xunit.assert (2.1.0) - framework: >= net452
    xunit.core (2.1.0) - framework: >= net452
      xunit.extensibility.core (2.1.0) - framework: >= net45, dnx451, dnxcore50, monoandroid, monotouch, portable-net45+win80+wp80+wpa81, xamarinios, winv4.5, wpv8.1, wpv8.0
      xunit.extensibility.execution (2.1.0) - framework: >= net45, dnx451, dnxcore50, monoandroid, monotouch, portable-net45+win80+wp80+wpa81, xamarinios, winv4.5, wpv8.1, wpv8.0
    xunit.extensibility.core (2.1.0) - framework: >= net452
      xunit.abstractions (2.0.0)
    xunit.extensibility.execution (2.1.0) - framework: >= net452
      xunit.extensibility.core (2.1.0) - framework: >= net45, dnx451, dnxcore50, monoandroid, monotouch, xamarinios, winv4.5, wpv8.1, wpv8.0
    xunit.runner.visualstudio (2.1.0) - framework: >= net452
    xunit.runners (2.0.0)
GITHUB
  remote: fsharp/FAKE
  specs:
    modules/Octokit/Octokit.fsx (25f012022dcefdf72f4dd342d08075161512d76a)
      Octokit